GIT
  remote: git://github.com/docunext/frontmatter.git
  revision: 3358085bb46b6f981f15c267241af2e36f6ecf23
  specs:
    frontmatter (0.0.1)

GEM
  remote: http://rubygems.org/
  specs:
    cadenza (0.8.0)
      multi_json (>= 1.3.0)
    chunky_png (1.2.6)
    compass (0.12.2)
      chunky_png (~> 1.2)
      fssm (>= 0.2.7)
      sass (~> 3.1)
    fssm (0.2.9)
    gli (2.5.3)
    json (1.7.6)
    multi_json (1.5.0)
    rake (10.0.3)
    redcarpet (2.2.2)
    sass (3.2.4)

PLATFORMS
  ruby

DEPENDENCIES
  cadenza
  chunky_png
  compass
  frontmatter!
  gli
  json
  multi_json
  rake
  redcarpet
  sass
