PATH
  remote: .
  specs:
    staticly (1.0.0.alpha.2)

PATH
  remote: vendor/frontmatter
  specs:
    frontmatter (0.0.1)

PATH
  remote: vendor/rake-pipeline
  specs:
    rake-pipeline (0.8.0)
      json
      rake (~> 0.9.0)
      thor

GEM
  remote: http://rubygems.org/
  specs:
    backports (2.6.5)
    cadenza (0.8.0)
      multi_json (>= 1.3.0)
    chunky_png (1.2.6)
    compass (0.13.alpha.0)
      chunky_png (~> 1.2)
      fssm (>= 0.2.7)
      sass (~> 3.2.0.alpha.93)
    fssm (0.2.9)
    gli (2.5.3)
    json (1.7.6)
    kronic (1.1.3)
    mbj-inflector (0.0.1)
      backports (~> 2.6.4)
    multi_json (1.5.0)
    rack (1.4.4)
    rake (0.9.6)
    rake-pipeline-web-filters (0.7.0)
      rack
      rake-pipeline (~> 0.6)
    redcarpet (2.2.2)
    sass (3.2.4)
    stamp (0.5.0)
    thor (0.16.0)

PLATFORMS
  ruby

DEPENDENCIES
  cadenza
  chunky_png
  compass (~> 0.13.alpha)
  frontmatter!
  gli
  json
  kronic
  mbj-inflector
  multi_json
  rake (~> 0.9.0)
  rake-pipeline!
  rake-pipeline-web-filters
  redcarpet
  sass
  stamp
  staticly!
