GEM
  remote: http://rubygems.org/
  specs:
    gli (2.5.3)
    sass (3.2.4)

PLATFORMS
  ruby

DEPENDENCIES
  gli
  sass
