PATH
  remote: .
  specs:
    benoit (0.2.2)
      cadenza (~> 0.8.0)
      chunky_png (~> 1.2.0)
      compass (~> 0.13.alpha)
      gli (~> 2.5.3)
      inflecto (~> 0.0.2)
      kronic (~> 1.1.3)
      multi_json (~> 1.5.0)
      rake-pipeline-web-filters (~> 0.7.0)
      redcarpet (~> 2.2.2)
      sass (~> 3.2.0)
      stamp (~> 0.5.0)
      thin (~> 1.5.1)

PATH
  remote: vendor/frontmatter
  specs:
    frontmatter (0.0.1)

PATH
  remote: vendor/rake-pipeline
  specs:
    rake-pipeline (0.8.0)
      json
      rake (~> 10.0.0)
      thor

GEM
  remote: https://www.rubygems.org/
  specs:
    aruba (0.5.2)
      childprocess (~> 0.3.6)
      cucumber (>= 1.1.1)
      rspec-expectations (>= 2.7.0)
    builder (3.2.0)
    cadenza (0.8.0)
      multi_json (>= 1.3.0)
    childprocess (0.3.9)
      ffi (~> 1.0, >= 1.0.11)
    chunky_png (1.2.8)
    coderay (1.0.9)
    compass (0.13.alpha.4)
      chunky_png (~> 1.2)
      listen (<= 0.9.9)
      sass (~> 3.2.5)
    cucumber (1.2.5)
      builder (>= 2.1.2)
      diff-lcs (>= 1.1.3)
      gherkin (~> 2.11.7)
      multi_json (~> 1.3)
    daemons (1.1.9)
    diff-lcs (1.2.4)
    eventmachine (1.0.3)
    ffi (1.7.0)
    formatador (0.2.4)
    gherkin (2.11.8)
      multi_json (~> 1.3)
    gli (2.5.6)
    guard (1.7.0)
      formatador (>= 0.2.4)
      listen (>= 0.6.0)
      lumberjack (>= 1.0.2)
      pry (>= 0.9.10)
      thor (>= 0.14.6)
    guard-rspec (2.5.4)
      guard (>= 1.1)
      rspec (~> 2.11)
    inflecto (0.0.2)
    json (1.8.0)
    kronic (1.1.3)
    listen (0.7.3)
    lumberjack (1.0.4)
    method_source (0.8.1)
    multi_json (1.5.1)
    pry (0.9.12)
      coderay (~> 1.0.5)
      method_source (~> 0.8)
      slop (~> 3.4)
    pry-nav (0.2.3)
      pry (~> 0.9.10)
    pry-remote (0.1.7)
      pry (~> 0.9)
      slop (~> 3.0)
    rack (1.5.2)
    rake (10.0.4)
    rake-pipeline-web-filters (0.7.0)
      rack
      rake-pipeline (~> 0.6)
    redcarpet (2.2.2)
    rspec (2.13.0)
      rspec-core (~> 2.13.0)
      rspec-expectations (~> 2.13.0)
      rspec-mocks (~> 2.13.0)
    rspec-core (2.13.1)
    rspec-expectations (2.13.0)
      diff-lcs (>= 1.1.3, < 2.0)
    rspec-mocks (2.13.1)
    sass (3.2.9)
    slop (3.4.4)
    stamp (0.5.0)
    thin (1.5.1)
      daemons (>= 1.0.9)
      eventmachine (>= 0.12.6)
      rack (>= 1.0.0)
    thor (0.18.1)
    turnip (1.1.0)
      gherkin (>= 2.5)
      rspec (~> 2.0)
    turnip-kanban (0.0.1)
      turnip

PLATFORMS
  ruby

DEPENDENCIES
  aruba
  benoit!
  frontmatter!
  guard
  guard-rspec
  pry
  pry-nav
  pry-remote
  rake-pipeline!
  rspec
  turnip (~> 1.1.0)
  turnip-kanban
