PATH
  remote: .
  specs:
    benoit (0.2.2)
      cadenza (~> 0.8.0)
      chunky_png (~> 1.2.0)
      compass (~> 0.13.alpha)
      gli (~> 2.5.3)
      inflecto (~> 0.0.2)
      kramdown (~> 1.1.0)
      kronic (~> 1.1.3)
      multi_json (~> 1.5.0)
      rake-pipeline-web-filters (~> 0.7.0)
      sass (~> 3.2.0)
      stamp (~> 0.5.0)

PATH
  remote: vendor/frontmatter
  specs:
    frontmatter (0.0.1)

PATH
  remote: vendor/rake-pipeline
  specs:
    rake-pipeline (0.8.0)
      json_pure
      rake (~> 10.0.0)
      thor

GEM
  remote: https://www.rubygems.org/
  specs:
    cadenza (0.8.0)
      multi_json (>= 1.3.0)
    chunky_png (1.2.8)
    compass (0.13.alpha.4)
      chunky_png (~> 1.2)
      listen (<= 0.9.9)
      sass (~> 3.2.5)
    gli (2.5.6)
    inflecto (0.0.2)
    json_pure (1.8.0)
    kramdown (1.1.0)
    kronic (1.1.3)
    listen (0.7.3)
    multi_json (1.5.1)
    rack (1.5.2)
    rake (10.0.4)
    rake-pipeline-web-filters (0.7.0)
      rack
      rake-pipeline (~> 0.6)
    sass (3.2.12)
    stamp (0.5.0)
    thor (0.18.1)

PLATFORMS
  ruby

DEPENDENCIES
  benoit!
  frontmatter!
  rake-pipeline!
