GIT
  remote: git://github.com/docunext/frontmatter.git
  revision: 3358085bb46b6f981f15c267241af2e36f6ecf23
  specs:
    frontmatter (0.0.1)

GIT
  remote: git://github.com/joefiorini/rake-pipeline.git
  revision: 349c4a87988737810c3c193ab7c26dfe07104a36
  branch: staticly
  specs:
    rake-pipeline (0.8.0)
      json
      rake (~> 0.9.0)
      thor

GEM
  remote: http://rubygems.org/
  specs:
    cadenza (0.8.0)
      multi_json (>= 1.3.0)
    chunky_png (1.2.6)
    compass (0.13.alpha.0)
      chunky_png (~> 1.2)
      fssm (>= 0.2.7)
      sass (~> 3.2.0.alpha.93)
    fssm (0.2.9)
    gli (2.5.3)
    json (1.7.6)
    multi_json (1.5.0)
    rake (0.9.6)
    redcarpet (2.2.2)
    sass (3.2.4)
    thor (0.16.0)

PLATFORMS
  ruby

DEPENDENCIES
  cadenza
  chunky_png
  compass (~> 0.13.alpha)
  frontmatter!
  gli
  json
  multi_json
  rake (~> 0.9.0)
  rake-pipeline!
  redcarpet
  sass
